GEM
  remote: https://rubygems.org/
  specs:
    addressable (2.5.0)
      public_suffix (~> 2.0, >= 2.0.2)
    cookiejar (0.3.3)
    dalli (2.7.6)
    em-eventsource (0.2.1)
      em-http-request (~> 1.0)
      eventmachine (~> 1.0)
    em-http-request (1.1.5)
      addressable (>= 2.3.4)
      cookiejar (!= 0.3.1)
      em-socksify (>= 0.3)
      eventmachine (>= 1.0.3)
      http_parser.rb (>= 0.6.0)
    em-socksify (0.3.1)
      eventmachine (>= 1.0.0.beta.4)
    eventmachine (1.2.3)
    http_parser.rb (0.6.0)
    public_suffix (2.0.5)

PLATFORMS
  ruby

DEPENDENCIES
  dalli
  em-eventsource

RUBY VERSION
   ruby 2.4.0p0

BUNDLED WITH
   1.14.6
