GEM
  remote: https://rubygems.org/
  specs:
    addressable (2.4.0)
    concurrent-ruby (1.0.0)
    connection_pool (2.2.0)
    cookiejar (0.3.0)
    em-eventsource (0.2.1)
      em-http-request (~> 1.0)
      eventmachine (~> 1.0)
    em-http-request (1.1.3)
      addressable (>= 2.3.4)
      cookiejar (<= 0.3.0)
      em-socksify (>= 0.3)
      eventmachine (>= 1.0.3)
      http_parser.rb (>= 0.6.0)
    em-socksify (0.3.1)
      eventmachine (>= 1.0.0.beta.4)
    eventmachine (1.0.8)
    http_parser.rb (0.6.0)
    redis (3.2.2)
    sidekiq (4.0.2)
      concurrent-ruby (~> 1.0)
      connection_pool (~> 2.2, >= 2.2.0)
      redis (~> 3.2, >= 3.2.1)

PLATFORMS
  ruby

DEPENDENCIES
  em-eventsource
  sidekiq

BUNDLED WITH
   1.11.2
